GEM
  specs:

GEM
  remote: https://rubygems.org/
  specs:
    rake (13.0.6)

PLATFORMS
  universal-darwin-22

DEPENDENCIES
  rake (~> 13.0.0)!

BUNDLED WITH
   2.3.19
